GEM
  remote: https://rubygems.org/
  specs:
    bindata (1.8.3)
    nbt_utils (0.0.4)
      bindata (~> 1.3)

PLATFORMS
  ruby

DEPENDENCIES
  nbt_utils

BUNDLED WITH
   1.16.6
