GEM
  remote: https://rubygems.org/
  specs:
    bindata (1.8.3)
    chunky_png (1.3.11)
    fluent-logger (0.8.2)
      msgpack (>= 1.0.0, < 2)
    msgpack (1.3.3)
    nbt_utils (0.0.4)
      bindata (~> 1.3)
    theseus (1.1.0)
      chunky_png (~> 1.3)

PLATFORMS
  ruby

DEPENDENCIES
  fluent-logger
  nbt_utils
  theseus

BUNDLED WITH
   1.17.3
