GEM
  remote: https://rubygems.org/
  specs:
    bindata (1.8.3)
    chunky_png (1.3.11)
    nbt_utils (0.0.4)
      bindata (~> 1.3)
    theseus (1.1.0)
      chunky_png (~> 1.3)

PLATFORMS
  ruby

DEPENDENCIES
  nbt_utils
  theseus

BUNDLED WITH
   1.16.6
