GIT
  remote: git://github.com/jamis/theseus.git
  revision: 01600e45b2ccb5080f8048b772394be1b218a041
  specs:
    theseus (1.0.2)

GEM
  remote: http://rubygems.org/
  remote: http://gems.github.com/
  specs:
    chunky_png (0.12.0)

PLATFORMS
  ruby

DEPENDENCIES
  chunky_png
  theseus (= 1.0.2)!
